GIT
  remote: https://github.com/Accuity/rspec-puppet-utils.git
  revision: 45e7612491e15fbcb073e06962d7e5d7d5c5535c
  specs:
    rspec-puppet-utils (3.4.0)
      mocha
      puppet
      puppetlabs_spec_helper
      rspec
      rspec-puppet

GIT
  remote: https://github.com/rodjek/rspec-puppet.git
  revision: 9351d3208282ef3255dfc28b6ccba7cde1d37ba0
  specs:
    rspec-puppet (2.6.14)
      rspec

GEM
  remote: https://rubygems.org/
  specs:
    CFPropertyList (2.3.6)
    addressable (2.4.0)
    awesome_print (1.8.0)
    backports (3.11.3)
    diff-lcs (1.3)
    domain_name (0.5.20180417)
      unf (>= 0.0.5, < 1.0.0)
    ethon (0.11.0)
      ffi (>= 1.3.0)
    facter (2.5.1)
    facter (2.5.1-universal-darwin)
      CFPropertyList (~> 2.2)
    faraday (0.15.2)
      multipart-post (>= 1.2, < 3)
    faraday_middleware (0.12.2)
      faraday (>= 0.7.4, < 1.0)
    ffi (1.9.25)
    gh (0.15.1)
      addressable (~> 2.4.0)
      backports
      faraday (~> 0.8)
      multi_json (~> 1.0)
      net-http-persistent (~> 2.9)
      net-http-pipeline
    hiera (1.3.4)
      json_pure
    highline (1.7.10)
    http-cookie (1.0.3)
      domain_name (~> 0.5)
    json (2.1.0)
    json-schema (2.8.0)
      addressable (>= 2.4)
    json_pure (2.1.0)
    launchy (2.4.3)
      addressable (~> 2.3)
    metaclass (0.0.4)
    metadata-json-lint (2.1.0)
      json-schema (~> 2.8)
      spdx-licenses (~> 1.0)
    mime-types (3.1)
      mime-types-data (~> 3.2015)
    mime-types-data (3.2016.0521)
    mocha (1.5.0)
      metaclass (~> 0.0.1)
    multi_json (1.13.1)
    multipart-post (2.0.0)
    net-http-persistent (2.9.4)
    net-http-pipeline (1.0.1)
    netrc (0.11.0)
    puppet (3.7.5)
      facter (> 1.6, < 3)
      hiera (~> 1.0)
      json_pure
    puppet-blacksmith (4.1.2)
      rest-client (~> 2.0)
    puppet-lint (2.3.6)
    puppet-syntax (2.4.1)
      rake
    puppetlabs_spec_helper (2.9.1)
      mocha (~> 1.0)
      puppet-lint (~> 2.0)
      puppet-syntax (~> 2.0)
      rspec-puppet (~> 2.0)
    pusher-client (0.6.2)
      json
      websocket (~> 1.0)
    rake (12.3.1)
    rest-client (2.0.2)
      http-cookie (>= 1.0.2, < 2.0)
      mime-types (>= 1.16, < 4.0)
      netrc (~> 0.8)
    rspec (3.7.0)
      rspec-core (~> 3.7.0)
      rspec-expectations (~> 3.7.0)
      rspec-mocks (~> 3.7.0)
    rspec-core (3.7.1)
      rspec-support (~> 3.7.0)
    rspec-expectations (3.7.0)
      diff-lcs (>= 1.2.0, < 2.0)
      rspec-support (~> 3.7.0)
    rspec-mocks (3.7.0)
      diff-lcs (>= 1.2.0, < 2.0)
      rspec-support (~> 3.7.0)
    rspec-support (3.7.1)
    spdx-licenses (1.2.0)
    travis (1.8.8)
      backports
      faraday (~> 0.9)
      faraday_middleware (~> 0.9, >= 0.9.1)
      gh (~> 0.13)
      highline (~> 1.6)
      launchy (~> 2.1)
      pusher-client (~> 0.4)
      typhoeus (~> 0.6, >= 0.6.8)
    travis-lint (2.0.0)
      json
    typhoeus (0.8.0)
      ethon (>= 0.8.0)
    unf (0.1.4)
      unf_ext
    unf_ext (0.0.7.5)
    websocket (1.2.8)

PLATFORMS
  ruby
  x86_64-darwin-16

DEPENDENCIES
  awesome_print
  metadata-json-lint
  puppet (~> 3.7.3)
  puppet-blacksmith
  puppet-lint
  puppet-syntax
  puppetlabs_spec_helper
  rake
  rspec-puppet!
  rspec-puppet-utils!
  travis
  travis-lint

BUNDLED WITH
   1.15.1
